GEM
  remote: http://rubygems.org/
  specs:
    builder (3.0.0)
    haml (3.1.3)
    hiredis (0.4.1)
    mustermann (2.0.2)
      ruby2_keywords (~> 0.0.1)
    rack (2.2.4)
    rack-protection (2.2.3)
      rack
    redis (2.2.2)
    ruby2_keywords (0.0.5)
    sinatra (2.2.3)
      mustermann (~> 2.0)
      rack (~> 2.2)
      rack-protection (= 2.2.3)
      tilt (~> 2.0)
    tilt (2.0.11)

PLATFORMS
  ruby

DEPENDENCIES
  builder
  haml
  hiredis (~> 0.4.1)
  redis (~> 2.2.2)
  sinatra
