GEM
  remote: http://rubygems.org/
  specs:
    builder (3.0.0)
    haml (5.0.0)
      temple (>= 0.8.0)
      tilt
    hiredis (0.4.1)
    rack (1.3.5)
    rack-protection (1.1.4)
      rack
    redis (2.2.2)
    sinatra (1.3.1)
      rack (~> 1.3, >= 1.3.4)
      rack-protection (~> 1.1, >= 1.1.2)
      tilt (~> 1.3, >= 1.3.3)
    temple (0.8.2)
    tilt (1.3.3)

PLATFORMS
  ruby

DEPENDENCIES
  builder
  haml
  hiredis (~> 0.4.1)
  redis (~> 2.2.2)
  sinatra
